GEM
  remote: https://rubygems.org/
  specs:
    amq-protocol (2.3.0)
    ansi (1.5.0)
    bosh-template (2.1.0)
      semi_semantic (~> 1.2.0)
    bunny (2.9.2)
      amq-protocol (~> 2.3.0)
    byebug (10.0.2)
    chronic (0.10.2)
    coderay (1.1.2)
    diff-lcs (1.3)
    effin_utf8 (1.0)
    faraday (0.13.1)
      multipart-post (>= 1.2, < 3)
    faraday_middleware (0.12.2)
      faraday (>= 0.7.4, < 1.0)
    hashie (3.5.7)
    httparty (0.16.2)
      multi_xml (>= 0.5.2)
    method_source (0.9.0)
    mqtt (0.5.0)
    multi_json (1.13.1)
    multi_xml (0.6.0)
    multipart-post (2.0.0)
    papertrail (0.10.4)
      ansi (~> 1.5)
      chronic (~> 0.10)
    pry (0.11.3)
      coderay (~> 1.1.0)
      method_source (~> 0.9.0)
    pry-byebug (3.6.0)
      byebug (~> 10.0)
      pry (~> 0.10)
    rabbitmq_http_api_client (1.9.1)
      effin_utf8 (~> 1.0.0)
      faraday (~> 0.13.0)
      faraday_middleware (~> 0.12.0)
      hashie (~> 3.5)
      multi_json (~> 1.12)
    rake (12.3.1)
    rspec (3.7.0)
      rspec-core (~> 3.7.0)
      rspec-expectations (~> 3.7.0)
      rspec-mocks (~> 3.7.0)
    rspec-core (3.7.1)
      rspec-support (~> 3.7.0)
    rspec-expectations (3.7.0)
      diff-lcs (>= 1.2.0, < 2.0)
      rspec-support (~> 3.7.0)
    rspec-instafail (1.0.0)
      rspec
    rspec-mocks (3.7.0)
      diff-lcs (>= 1.2.0, < 2.0)
      rspec-support (~> 3.7.0)
    rspec-retry (0.5.7)
      rspec-core (> 3.3)
    rspec-support (3.7.1)
    semi_semantic (1.2.0)
    stomp (1.4.4)

PLATFORMS
  ruby

DEPENDENCIES
  bosh-template
  bunny
  httparty
  mqtt
  papertrail
  pry-byebug
  rabbitmq_http_api_client
  rake
  rspec (~> 3.3)
  rspec-instafail
  rspec-retry
  stomp

BUNDLED WITH
   1.16.1
